PATH
  remote: .
  specs:
    phabricator (0.0.7)
      rest-client

GEM
  remote: https://rubygems.org/
  specs:
    ansi (1.4.3)
    builder (3.2.2)
    hashie (3.2.0)
    metaclass (0.0.4)
    mime-types (2.3)
    minitest (4.7.5)
    minitest-reporters (0.14.24)
      ansi
      builder
      minitest (>= 2.12, < 5.0)
      powerbar
    mocha (1.1.0)
      metaclass (~> 0.0.1)
    netrc (0.7.7)
    powerbar (1.0.11)
      ansi (~> 1.4.0)
      hashie (>= 1.1.0)
    rest-client (1.7.2)
      mime-types (>= 1.16, < 3.0)
      netrc (~> 0.7)

PLATFORMS
  ruby

DEPENDENCIES
  bundler (~> 1.3)
  minitest (< 5.0)
  minitest-reporters
  mocha
  phabricator!
